PATH
  remote: .
  specs:
    truncato (0.7.12)
      htmlentities (~> 4.3.1)
      nokogiri (>= 1.7.0, <= 2.0)

GEM
  remote: https://rubygems.org/
  specs:
    diff-lcs (1.5.0)
    html_truncator (0.4.2)
      nokogiri (~> 1.5)
    htmlentities (4.3.4)
    nokogiri (1.13.6-arm64-darwin)
      racc (~> 1.4)
    peppercorn (0.0.3)
      nokogiri (~> 1.5)
    racc (1.6.0)
    rake (13.0.6)
    rspec (2.14.1)
      rspec-core (~> 2.14.0)
      rspec-expectations (~> 2.14.0)
      rspec-mocks (~> 2.14.0)
    rspec-core (2.14.8)
    rspec-expectations (2.14.5)
      diff-lcs (>= 1.1.3, < 2.0)
    rspec-mocks (2.14.6)

PLATFORMS
  arm64-darwin-21

DEPENDENCIES
  bundler
  html_truncator
  peppercorn
  rake
  rspec (~> 2.14.1)
  truncato!

BUNDLED WITH
   2.3.13
