PATH
  remote: .
  specs:
    truncato (0.7.9)
      htmlentities (~> 4.3.1)
      nokogiri (~> 1.8.0, >= 1.7.0)

GEM
  remote: https://rubygems.org/
  specs:
    diff-lcs (1.2.5)
    html_truncator (0.4.1)
      nokogiri (~> 1.5)
    htmlentities (4.3.4)
    mini_portile2 (2.2.0)
    nokogiri (1.8.0)
      mini_portile2 (~> 2.2.0)
    peppercorn (0.0.3)
      nokogiri (~> 1.5)
    rake (10.1.1)
    rspec (2.14.1)
      rspec-core (~> 2.14.0)
      rspec-expectations (~> 2.14.0)
      rspec-mocks (~> 2.14.0)
    rspec-core (2.14.7)
    rspec-expectations (2.14.5)
      diff-lcs (>= 1.1.3, < 2.0)
    rspec-mocks (2.14.5)

PLATFORMS
  ruby

DEPENDENCIES
  bundler (~> 1.3)
  html_truncator
  peppercorn
  rake (~> 10.1.1)
  rspec (~> 2.14.1)
  truncato!

BUNDLED WITH
   1.13.7
